PATH
  remote: .
  specs:
    jekyll-tasks (0.1.0)

GEM
  remote: https://rubygems.org/
  specs:
    ast (2.4.0)
    codecov (0.1.16)
      json
      simplecov
      url
    docile (1.3.2)
    jaro_winkler (1.5.4)
    json (2.3.0)
    minitest (5.14.0)
    parallel (1.19.1)
    parser (2.7.1.1)
      ast (~> 2.4.0)
    rainbow (3.0.0)
    rake (13.0.1)
    rexml (3.2.4)
    rubocop (0.82.0)
      jaro_winkler (~> 1.5.1)
      parallel (~> 1.10)
      parser (>= 2.7.0.1)
      rainbow (>= 2.2.2, < 4.0)
      rexml
      ruby-progressbar (~> 1.7)
      unicode-display_width (>= 1.4.0, < 2.0)
    ruby-progressbar (1.10.1)
    simplecov (0.18.2)
      docile (~> 1.1)
      simplecov-html (~> 0.11)
    simplecov-html (0.12.0)
    unicode-display_width (1.7.0)
    url (0.3.2)

PLATFORMS
  ruby

DEPENDENCIES
  codecov (~> 0.1)
  jekyll-tasks!
  minitest (~> 5.14)
  rake (~> 13.0)
  rubocop (~> 0.82)

BUNDLED WITH
   2.1.2
